GIT
  remote: https://github.com/liuxiong332/Viewpoint.git
  revision: 26f2d61119b4b4ffd7f4586c6fe38258bf4ac43e
  tag: v1.0.1
  specs:
    viewpoint (1.0.0)
      httpclient
      logging
      nokogiri
      rubyntlm

GEM
  remote: https://rubygems.org/
  specs:
    bson (1.11.1)
    httpclient (2.6.0.1)
    little-plugger (1.1.3)
    logging (1.8.2)
      little-plugger (>= 1.1.3)
      multi_json (>= 1.8.4)
    mini_portile (0.6.2)
    mongo (1.11.1)
      bson (= 1.11.1)
    multi_json (1.10.1)
    nokogiri (1.6.5-x86-mingw32)
      mini_portile (~> 0.6.0)
    rubyntlm (0.4.0)

PLATFORMS
  x86-mingw32

DEPENDENCIES
  mongo (~> 1.11.1)
  nokogiri (~> 1.6.5)
  viewpoint!
