PATH
  remote: .
  specs:
    mail-vote (1.0.0)
      nokogiri
      viewpoint

GEM
  remote: https://rubygems.org/
  specs:
    httpclient (2.6.0.1)
    little-plugger (1.1.3)
    logging (1.8.2)
      little-plugger (>= 1.1.3)
      multi_json (>= 1.8.4)
    mini_portile (0.6.2)
    multi_json (1.10.1)
    nokogiri (1.6.5-x86-mingw32)
      mini_portile (~> 0.6.0)
    rubyntlm (0.4.0)
    viewpoint (1.0.0)
      httpclient
      logging
      nokogiri
      rubyntlm

PLATFORMS
  x86-mingw32

DEPENDENCIES
  mail-vote!
